GEM
  remote: http://rubygems.org/
  specs:
    csv-mapper (0.5.1)
      fastercsv
    fastercsv (1.5.4)
    gdata (1.1.2)
    gruff (0.3.6)
    json (1.6.1)
    ohash (0.0.3)
    rmagick (2.13.1)
    xml-simple (1.1.1)

PLATFORMS
  ruby

DEPENDENCIES
  csv-mapper (= 0.5.1)
  gdata (= 1.1.2)
  gruff (= 0.3.6)
  json (= 1.6.1)
  ohash (= 0.0.3)
  rmagick (= 2.13.1)
  xml-simple (= 1.1.1)
